PATH
  remote: .
  specs:
    cequel (0.5.3)
      activemodel (~> 3.1)
      activesupport (~> 3.1)
      connection_pool (~> 0.9.2)
      cql-rb (~> 1.0.pre)
      i18n
      simple_uuid (= 0.3.0)

GEM
  remote: https://rubygems.org/
  specs:
    activemodel (3.2.12)
      activesupport (= 3.2.12)
      builder (~> 3.0.0)
    activesupport (3.2.12)
      i18n (~> 0.6)
      multi_json (~> 1.0)
    builder (3.0.3)
    connection_pool (0.9.3)
    cql-rb (1.0.0.pre1)
    diff-lcs (1.1.3)
    geminabox (0.7.0)
      builder
      httpclient
      sinatra
    httpclient (2.2.7)
    i18n (0.6.4)
    multi_json (1.6.1)
    mustache (0.99.4)
    rack (1.4.1)
    rack-protection (1.2.0)
      rack
    redcarpet (1.17.2)
    rocco (0.8.2)
      mustache
      redcarpet
    rspec (2.11.0)
      rspec-core (~> 2.11.0)
      rspec-expectations (~> 2.11.0)
      rspec-mocks (~> 2.11.0)
    rspec-core (2.11.1)
    rspec-expectations (2.11.3)
      diff-lcs (~> 1.1.3)
    rspec-mocks (2.11.2)
    simple_uuid (0.3.0)
    sinatra (1.3.3)
      rack (~> 1.3, >= 1.3.6)
      rack-protection (~> 1.2)
      tilt (~> 1.3, >= 1.3.3)
    tilt (1.3.3)
    yard (0.8.2.1)

PLATFORMS
  ruby

DEPENDENCIES
  cequel!
  geminabox
  redcarpet (< 2.0)
  rocco
  rspec (~> 2.0)
  yard (~> 0.6)
